GEM
  remote: https://rubygems.org/
  specs:
    addressable (2.7.0)
      public_suffix (>= 2.0.2, < 5.0)
    bitters (2.0.4)
      thor (~> 1.0)
    bourbon (7.2.0)
      thor (~> 1.0)
    colorator (1.1.0)
    concurrent-ruby (1.1.10)
    domain_name (0.5.20190701)
      unf (>= 0.0.5, < 1.0.0)
    em-websocket (0.5.3)
      eventmachine (>= 0.12.9)
      http_parser.rb (~> 0)
    eventmachine (1.2.7)
    faraday (1.1.0)
      multipart-post (>= 1.2, < 3)
      ruby2_keywords
    faraday-cookie_jar (0.0.7)
      faraday (>= 0.8.0)
      http-cookie (~> 1.0.0)
    faraday-encoding (0.0.5)
      faraday
    faraday-http-cache (2.2.0)
      faraday (>= 0.8)
    faraday_middleware (1.0.0)
      faraday (~> 1.0)
    fastimage (2.1.7)
    ffi (1.15.5)
    forwardable-extended (2.6.0)
    htmlbeautifier (1.4.2)
    htmlcompressor (0.4.0)
    http-cookie (1.0.5)
      domain_name (~> 0.5)
    http_parser.rb (0.8.0)
    i18n (1.12.0)
      concurrent-ruby (~> 1.0)
    jekyll (4.2.2)
      addressable (~> 2.4)
      colorator (~> 1.0)
      em-websocket (~> 0.5)
      i18n (~> 1.0)
      jekyll-sass-converter (~> 2.0)
      jekyll-watch (~> 2.0)
      kramdown (~> 2.3)
      kramdown-parser-gfm (~> 1.0)
      liquid (~> 4.0)
      mercenary (~> 0.4.0)
      pathutil (~> 0.9)
      rouge (~> 3.0)
      safe_yaml (~> 1.0)
      terminal-table (~> 2.0)
    jekyll-extlinks (0.0.5)
      jekyll (~> 4.0)
      nokogiri (~> 1.10.4)
    jekyll-figure (0.1.0)
    jekyll-linkpreview (0.4.1)
      jekyll (>= 3.5, < 5.0)
      metainspector (~> 5.9)
    jekyll-redirect-from (0.16.0)
      jekyll (>= 3.3, < 5.0)
    jekyll-sass-converter (2.2.0)
      sassc (> 2.0.1, < 3.0)
    jekyll-sitemap (1.4.0)
      jekyll (>= 3.7, < 5.0)
    jekyll-tidy (0.2.2)
      htmlbeautifier
      htmlcompressor
      jekyll
    jekyll-watch (2.2.1)
      listen (~> 3.0)
    kramdown (2.4.0)
      rexml
    kramdown-parser-gfm (1.1.0)
      kramdown (~> 2.0)
    liquid (4.0.3)
    listen (3.7.1)
      rb-fsevent (~> 0.10, >= 0.10.3)
      rb-inotify (~> 0.9, >= 0.9.10)
    mercenary (0.4.0)
    metainspector (5.11.0)
      addressable (~> 2.7.0)
      faraday (~> 1.1.0)
      faraday-cookie_jar (~> 0.0.7)
      faraday-encoding (~> 0.0.5)
      faraday-http-cache (~> 2.2.0)
      faraday_middleware (~> 1.0.0)
      fastimage (~> 2.1.7)
      nesty (~> 1.0.2)
      nokogiri (~> 1.10.9)
    mini_portile2 (2.4.0)
    multipart-post (2.2.3)
    neat (1.7.4)
      bourbon (>= 4.0)
      sass (>= 3.3)
    nesty (1.0.2)
    nokogiri (1.10.10)
      mini_portile2 (~> 2.4.0)
    pathutil (0.16.2)
      forwardable-extended (~> 2.6)
    public_suffix (4.0.7)
    rb-fsevent (0.11.2)
    rb-inotify (0.10.1)
      ffi (~> 1.0)
    rexml (3.2.5)
    rouge (3.30.0)
    ruby2_keywords (0.0.5)
    safe_yaml (1.0.5)
    sass (3.7.4)
      sass-listen (~> 4.0.0)
    sass-listen (4.0.0)
      rb-fsevent (~> 0.9, >= 0.9.4)
      rb-inotify (~> 0.9, >= 0.9.7)
    sassc (2.4.0)
      ffi (~> 1.9)
    terminal-table (2.0.0)
      unicode-display_width (~> 1.1, >= 1.1.1)
    thor (1.2.1)
    unf (0.1.4)
      unf_ext
    unf_ext (0.0.8.2)
    unicode-display_width (1.8.0)
    webrick (1.7.0)

PLATFORMS
  ruby

DEPENDENCIES
  bitters
  bourbon
  jekyll (~> 4.2)
  jekyll-extlinks (~> 0.0)
  jekyll-figure (~> 0.1)
  jekyll-linkpreview (~> 0.4)
  jekyll-redirect-from (~> 0.16)
  jekyll-sitemap (~> 1.4)
  jekyll-tidy (~> 0.2)
  neat
  webrick

BUNDLED WITH
   2.2.16
